GEM
  remote: https://rubygems.org/
  specs:
<<<<<<< HEAD
    rack (1.5.2)
    rack-protection (1.5.1)
      rack
=======
    backports (3.6.0)
    multi_json (1.10.1)
    rack (1.5.2)
    rack-protection (1.5.1)
      rack
    rack-test (0.6.2)
      rack (>= 1.0)
>>>>>>> 1610a65a9fc11a88d7d7e50f443cc253a48fc200
    sinatra (1.4.4)
      rack (~> 1.4)
      rack-protection (~> 1.4)
      tilt (~> 1.3, >= 1.3.4)
<<<<<<< HEAD
=======
    sinatra-contrib (1.4.2)
      backports (>= 2.0)
      multi_json
      rack-protection
      rack-test
      sinatra (~> 1.4.0)
      tilt (~> 1.3)
    sinatra-reloader (1.0)
      sinatra-contrib
>>>>>>> 1610a65a9fc11a88d7d7e50f443cc253a48fc200
    tilt (1.4.1)

PLATFORMS
  ruby
  x64-mingw32

DEPENDENCIES
  sinatra
<<<<<<< HEAD
=======
  sinatra-reloader
>>>>>>> 1610a65a9fc11a88d7d7e50f443cc253a48fc200
